GEM
  remote: https://rubygems.org/
  specs:
    activesupport (7.0.7)
      concurrent-ruby (~> 1.0, >= 1.0.2)
      i18n (>= 1.6, < 2)
      minitest (>= 5.1)
      tzinfo (~> 2.0)
    ast (2.4.2)
    backport (1.2.0)
    base64 (0.1.1)
    benchmark (0.2.1)
    coderay (1.1.3)
    concurrent-ruby (1.2.2)
    diff-lcs (1.4.4)
    e2mmap (0.1.0)
    i18n (1.14.1)
      concurrent-ruby (~> 1.0)
    interception (0.5)
    jaro_winkler (1.5.6)
    json (2.6.3)
    kramdown (2.4.0)
      rexml
    kramdown-parser-gfm (1.1.0)
      kramdown (~> 2.0)
    language_server-protocol (3.17.0.3)
    method_source (1.0.0)
    minitest (5.19.0)
    nokogiri (1.15.4-x86_64-darwin)
      racc (~> 1.4)
    parallel (1.23.0)
    parser (3.2.2.3)
      ast (~> 2.4.1)
      racc
    pry (0.14.2)
      coderay (~> 1.1)
      method_source (~> 1.0)
    pry-rescue (1.5.2)
      interception (>= 0.5)
      pry (>= 0.12.0)
    racc (1.7.1)
    rainbow (3.1.1)
    rbs (2.8.4)
    regexp_parser (2.8.1)
    reverse_markdown (2.1.1)
      nokogiri
    rexml (3.2.6)
    rspec (3.10.0)
      rspec-core (~> 3.10.0)
      rspec-expectations (~> 3.10.0)
      rspec-mocks (~> 3.10.0)
    rspec-core (3.10.1)
      rspec-support (~> 3.10.0)
    rspec-expectations (3.10.1)
      diff-lcs (>= 1.2.0, < 2.0)
      rspec-support (~> 3.10.0)
    rspec-mocks (3.10.2)
      diff-lcs (>= 1.2.0, < 2.0)
      rspec-support (~> 3.10.0)
    rspec-support (3.10.2)
    rubocop (1.56.0)
      base64 (~> 0.1.1)
      json (~> 2.3)
      language_server-protocol (>= 3.17.0)
      parallel (~> 1.10)
      parser (>= 3.2.2.3)
      rainbow (>= 2.2.2, < 4.0)
      regexp_parser (>= 1.8, < 3.0)
      rexml (>= 3.2.5, < 4.0)
      rubocop-ast (>= 1.28.1, < 2.0)
      ruby-progressbar (~> 1.7)
      unicode-display_width (>= 2.4.0, < 3.0)
    rubocop-ast (1.29.0)
      parser (>= 3.2.1.0)
    ruby-progressbar (1.13.0)
    solargraph (0.49.0)
      backport (~> 1.2)
      benchmark
      bundler (~> 2.0)
      diff-lcs (~> 1.4)
      e2mmap
      jaro_winkler (~> 1.5)
      kramdown (~> 2.3)
      kramdown-parser-gfm (~> 1.1)
      parser (~> 3.0)
      rbs (~> 2.0)
      reverse_markdown (~> 2.0)
      rubocop (~> 1.38)
      thor (~> 1.0)
      tilt (~> 2.0)
      yard (~> 0.9, >= 0.9.24)
    thor (1.2.2)
    tilt (2.2.0)
    tzinfo (2.0.6)
      concurrent-ruby (~> 1.0)
    unicode-display_width (2.4.2)
    yard (0.9.34)

PLATFORMS
  x86_64-darwin-19
  x86_64-darwin-21

DEPENDENCIES
  activesupport (~> 7.0)
  pry-rescue
  rspec (~> 3.10)
  solargraph

BUNDLED WITH
   2.2.27
